PATH
  remote: ../gem
  specs:
    interlock_automation (0.1.0)
      selenium-webdriver (~> 2.52)

GEM
  remote: https://rubygems.org/
  specs:
    childprocess (0.6.2)
      ffi (~> 1.0, >= 1.0.11)
    ffi (1.9.18)
    rubyzip (1.2.1)
    selenium-webdriver (2.53.4)
      childprocess (~> 0.5)
      rubyzip (~> 1.0)
      websocket (~> 1.0)
    websocket (1.2.4)

PLATFORMS
  ruby

DEPENDENCIES
  interlock_automation!

BUNDLED WITH
   1.13.7
